GEM
  remote: https://rubygems.org/
  specs:
    albacore (1.0.0)
      nokogiri (~> 1.5)
      rake (~> 10.0)
      rubyzip (~> 1.0)
    mini_portile (0.6.1)
    nokogiri (1.6.5)
      mini_portile (~> 0.6.0)
    rake (10.4.1)
    rubyzip (1.1.6)

PLATFORMS
  ruby

DEPENDENCIES
  albacore (~> 1.0)
